PATH
  remote: ../bento_box-0.5.0
  specs:
    bento_box (0.5.0)
      aws-s3
      aws-s3
      blockpile
      blockpile
      devise
      devise
      jrails
      rmagick

GEM
  specs:
    activemodel (3.0.7)
      activesupport (= 3.0.7)
      builder (~> 2.1.2)
      i18n (~> 0.5.0)
    activesupport (3.0.7)
    aws-s3 (0.6.2)
      builder
      mime-types
      xml-simple
    bcrypt-ruby (2.1.4)
    blockpile (0.5.1)
    bson (1.3.1)
    builder (2.1.2)
    devise (1.3.4)
      bcrypt-ruby (~> 2.1.2)
      orm_adapter (~> 0.0.3)
      warden (~> 1.0.3)
    i18n (0.5.0)
    jrails (0.6.0)
    mime-types (1.16)
    mongo (1.3.1)
      bson (>= 1.3.1)
    mongoid (2.0.2)
      activemodel (~> 3.0)
      mongo (~> 1.3)
      tzinfo (~> 0.3.22)
    orm_adapter (0.0.5)
    rack (1.2.3)
    rmagick (2.13.1)
    tzinfo (0.3.27)
    warden (1.0.4)
      rack (>= 1.0)
    xml-simple (1.0.16)

PLATFORMS
  ruby

DEPENDENCIES
  bento_box!
  mongoid (>= 2.0.0.rc.6)
