PATH
  remote: ../blockpile-0.5.1
  specs:
    blockpile (0.5.1)

GEM
  specs:
    aws-s3 (0.6.2)
      builder
      mime-types
      xml-simple
    bcrypt-ruby (2.1.4)
    builder (3.0.0)
    devise (1.3.4)
      bcrypt-ruby (~> 2.1.2)
      orm_adapter (~> 0.0.3)
      warden (~> 1.0.3)
    mime-types (1.16)
    orm_adapter (0.0.5)
    rack (1.2.3)
    rmagick (2.13.1)
    warden (1.0.4)
      rack (>= 1.0)
    xml-simple (1.0.16)

PLATFORMS
  ruby

DEPENDENCIES
  aws-s3
  blockpile!
  devise
  rmagick
